PATH
  remote: .
  specs:
    chess (0.1.0)

GEM
  remote: https://rubygems.org/
  specs:
    minitest (5.16.3)
    rake (13.0.6)

PLATFORMS
  x64-mingw-ucrt

DEPENDENCIES
  chess!
  minitest (~> 5.0)
  rake (~> 13.0)

BUNDLED WITH
   2.3.20
